GEM
  remote: http://rubygems.org/
  specs:
    cadre (0.2.1)
      thor (~> 0.18.1)
      tilt (~> 1.0)
      valise (~> 1.0)
    color_text (0.0.3)
    diff-lcs (1.2.5)
    docile (1.1.2)
    multi_json (1.8.4)
    rspec (2.14.1)
      rspec-core (~> 2.14.0)
      rspec-expectations (~> 2.14.0)
      rspec-mocks (~> 2.14.0)
    rspec-core (2.14.7)
    rspec-expectations (2.14.4)
      diff-lcs (>= 1.1.3, < 2.0)
    rspec-mocks (2.14.4)
    simplecov (0.8.2)
      docile (~> 1.1.0)
      multi_json
      simplecov-html (~> 0.8.0)
    simplecov-html (0.8.0)
    thor (0.18.1)
    tilt (1.4.1)
    valise (1.1.0)

PLATFORMS
  ruby

DEPENDENCIES
  cadre
  color_text
  rspec
  simplecov
